GEM
  remote: https://rubygems.org/
  specs:
    Ascii85 (1.0.3)
    addressable (2.7.0)
      public_suffix (>= 2.0.2, < 5.0)
    afm (0.2.2)
    asciidoc_publishing_toolbox (0.1.15.alpha)
      asciidoctor (~> 2.0, >= 2.0.10)
      asciidoctor-pdf (~> 1.5, >= 1.5.3)
      i18n (~> 1.8, >= 1.8.1)
      json_schemer (~> 0.2, >= 0.2.10)
      nokogiri (~> 1.10)
    asciidoctor (2.0.10)
    asciidoctor-pdf (1.5.3)
      asciidoctor (>= 1.5.3, < 3.0.0)
      concurrent-ruby (~> 1.1.0)
      prawn (~> 2.2.0)
      prawn-icon (~> 2.5.0)
      prawn-svg (~> 0.30.0)
      prawn-table (~> 0.2.0)
      prawn-templates (~> 0.1.0)
      safe_yaml (~> 1.0.0)
      thread_safe (~> 0.3.0)
      treetop (~> 1.6.0)
      ttfunk (~> 1.5.0, >= 1.5.1)
    concurrent-ruby (1.1.6)
    css_parser (1.7.1)
      addressable
    ecma-re-validator (0.2.1)
      regexp_parser (~> 1.2)
    hana (1.3.5)
    hashery (2.1.2)
    i18n (1.8.2)
      concurrent-ruby (~> 1.0)
    json_schemer (0.2.11)
      ecma-re-validator (~> 0.2)
      hana (~> 1.3)
      regexp_parser (~> 1.5)
      uri_template (~> 0.7)
    mini_portile2 (2.4.0)
    nokogiri (1.10.9)
      mini_portile2 (~> 2.4.0)
    pdf-core (0.7.0)
    pdf-reader (2.4.0)
      Ascii85 (~> 1.0.0)
      afm (~> 0.2.1)
      hashery (~> 2.0)
      ruby-rc4
      ttfunk
    polyglot (0.3.5)
    prawn (2.2.2)
      pdf-core (~> 0.7.0)
      ttfunk (~> 1.5)
    prawn-icon (2.5.0)
      prawn (>= 1.1.0, < 3.0.0)
    prawn-svg (0.30.0)
      css_parser (~> 1.6)
      prawn (>= 0.11.1, < 3)
    prawn-table (0.2.2)
      prawn (>= 1.3.0, < 3.0.0)
    prawn-templates (0.1.2)
      pdf-reader (~> 2.0)
      prawn (~> 2.2)
    public_suffix (4.0.4)
    regexp_parser (1.7.0)
    ruby-rc4 (0.1.5)
    safe_yaml (1.0.5)
    thread_safe (0.3.6)
    treetop (1.6.10)
      polyglot (~> 0.3)
    ttfunk (1.5.1)
    uri_template (0.7.0)

PLATFORMS
  ruby

DEPENDENCIES
  asciidoc_publishing_toolbox (~> 0.1.15.alpha)

BUNDLED WITH
   2.1.4
